GEM
  remote: https://rubygems.org/
  specs:
    algorithms (1.0.1)
    curses (1.4.4)
    diff-lcs (1.5.0)
    highline (2.1.0)
    rspec (3.12.0)
      rspec-core (~> 3.12.0)
      rspec-expectations (~> 3.12.0)
      rspec-mocks (~> 3.12.0)
    rspec-core (3.12.2)
      rspec-support (~> 3.12.0)
    rspec-expectations (3.12.3)
      diff-lcs (>= 1.2.0, < 2.0)
      rspec-support (~> 3.12.0)
    rspec-mocks (3.12.6)
      diff-lcs (>= 1.2.0, < 2.0)
      rspec-support (~> 3.12.0)
    rspec-support (3.12.1)

PLATFORMS
  ruby
  x86_64-linux

DEPENDENCIES
  algorithms (~> 1.0)
  curses (~> 1.4)
  highline (~> 2.1)
  rspec (~> 3.12)

BUNDLED WITH
   2.5.3
